PATH
  remote: .
  specs:
    cgraph (0.0.1)
      ruby-graphviz

GEM
  remote: http://rubygems.org/
  specs:
    ffi (1.0.11)
    guard (1.2.3)
      listen (>= 0.4.2)
      thor (>= 0.14.6)
    guard-minitest (0.5.0)
      guard (>= 0.4)
    listen (0.4.7)
      rb-fchange (~> 0.0.5)
      rb-fsevent (~> 0.9.1)
      rb-inotify (~> 0.8.8)
    minitest (3.3.0)
    rb-fchange (0.0.5)
      ffi
    rb-fsevent (0.9.1)
    rb-inotify (0.8.8)
      ffi (>= 0.5.0)
    ruby-graphviz (1.0.8)
    thor (0.15.4)

PLATFORMS
  ruby

DEPENDENCIES
  cgraph!
  guard-minitest
  minitest
